GEM
  remote: http://rubygems.org/
  specs:
    builder (3.2.2)
    byebug (8.2.5)
    getopt (1.4.3)
    json (1.8.3)
    rdoc (4.2.2)
      json (~> 1.4)

PLATFORMS
  ruby

DEPENDENCIES
  builder
  byebug
  getopt
  rdoc

BUNDLED WITH
   1.11.2
